PATH
  remote: .
  specs:
    rdaux (0.1.3)
      avalanche-cli (= 0.1.0)
      posix-spawn (= 0.3.6)
      pygments.rb (= 0.5.1)
      redcarpet (= 3.0.0)
      sinatra (= 1.3.3)
      tilt (= 1.4.1)
      unicorn (= 4.6.2)

GEM
  remote: https://rubygems.org/
  specs:
    avalanche-cli (0.1.0)
    kgio (2.8.0)
    minitest (5.0.6)
    posix-spawn (0.3.6)
    pygments.rb (0.5.1)
      posix-spawn (~> 0.3.6)
      yajl-ruby (~> 1.1.0)
    rack (1.5.2)
    rack-protection (1.5.0)
      rack
    raindrops (0.11.0)
    rake (10.1.0)
    redcarpet (3.0.0)
    sinatra (1.3.3)
      rack (~> 1.3, >= 1.3.6)
      rack-protection (~> 1.2)
      tilt (~> 1.3, >= 1.3.3)
    tilt (1.4.1)
    unicorn (4.6.2)
      kgio (~> 2.6)
      rack
      raindrops (~> 0.7)
    yajl-ruby (1.1.0)

PLATFORMS
  ruby

DEPENDENCIES
  bundler (~> 1.3)
  minitest
  rake
  rdaux!
