GIT
  remote: git://github.com/avalanche123/cli.git
  revision: c42bc8de8892a010c8cac869a69ade2807fa1b71
  specs:
    cli (0.1.0)

GEM
  remote: https://rubygems.org/
  specs:
    kgio (2.8.0)
    minitest (5.0.6)
    posix-spawn (0.3.6)
    pygments.rb (0.5.1)
      posix-spawn (~> 0.3.6)
      yajl-ruby (~> 1.1.0)
    rack (1.5.2)
    rack-protection (1.5.0)
      rack
    raindrops (0.11.0)
    rake (10.1.0)
    redcarpet (3.0.0)
    sinatra (1.3.3)
      rack (~> 1.3, >= 1.3.6)
      rack-protection (~> 1.2)
      tilt (~> 1.3, >= 1.3.3)
    tilt (1.4.1)
    unicorn (4.6.2)
      kgio (~> 2.6)
      rack
      raindrops (~> 0.7)
    yajl-ruby (1.1.0)

PLATFORMS
  ruby

DEPENDENCIES
  cli!
  minitest
  posix-spawn (= 0.3.6)
  pygments.rb (= 0.5.1)
  rake
  redcarpet (= 3.0.0)
  sinatra (= 1.3.3)
  unicorn (= 4.6.2)
